PATH
  remote: .
  specs:
    mojimoji (0.1.0)
      moji (~> 1.6)

GEM
  remote: https://rubygems.org/
  specs:
    moji (1.6)
    rake (10.5.0)

PLATFORMS
  ruby

DEPENDENCIES
  bundler (~> 1.16)
  mojimoji!
  rake (~> 10.0)

BUNDLED WITH
   1.16.2
